PATH
  remote: .
  specs:
    diffbot (0.1.9)
      excon
      hashie (= 3.3.2)
      nokogiri (~> 1.6.8)
      yajl-ruby

GEM
  remote: https://rubygems.org/
  specs:
    codeclimate-test-reporter (0.4.1)
      simplecov (>= 0.7.1, < 1.0.0)
    coderay (1.1.0)
    docile (1.1.5)
    excon (0.50.1)
    hashie (3.3.2)
    method_source (0.8.2)
    mini_portile2 (2.1.0)
    minitest (4.7.0)
    multi_json (1.10.1)
    nokogiri (1.6.8)
      mini_portile2 (~> 2.1.0)
      pkg-config (~> 1.1.7)
    pkg-config (1.1.7)
    pry (0.10.1)
      coderay (~> 1.1.0)
      method_source (~> 0.8.1)
      slop (~> 3.4)
    rake (10.0.4)
    simplecov (0.9.1)
      docile (~> 1.1.0)
      multi_json (~> 1.0)
      simplecov-html (~> 0.8.0)
    simplecov-html (0.8.0)
    slop (3.6.0)
    yajl-ruby (1.2.1)

PLATFORMS
  ruby

DEPENDENCIES
  bundler
  codeclimate-test-reporter
  diffbot!
  minitest
  pry
  rake

BUNDLED WITH
   1.12.5
